PATH
  remote: .
  specs:
    azure-tts (1.0.0)
      faraday (~> 2.7.1)

GEM
  remote: https://rubygems.org/
  specs:
    addressable (2.8.4)
      public_suffix (>= 2.0.2, < 6.0)
    coderay (1.1.3)
    crack (0.4.5)
      rexml
    faraday (2.7.10)
      faraday-net_http (>= 2.0, < 3.1)
      ruby2_keywords (>= 0.0.4)
    faraday-net_http (3.0.2)
    hashdiff (1.0.1)
    method_source (1.0.0)
    minitest (5.18.1)
    minitest-around (0.5.0)
      minitest (~> 5.0)
    multi_json (1.15.0)
    pry (0.14.2)
      coderay (~> 1.1)
      method_source (~> 1.0)
    public_suffix (5.0.3)
    rake (10.5.0)
    rexml (3.2.5)
    ruby2_keywords (0.0.5)
    vcr (6.2.0)
    webmock (3.18.1)
      addressable (>= 2.8.0)
      crack (>= 0.3.2)
      hashdiff (>= 0.4.0, < 2.0.0)

PLATFORMS
  x86_64-darwin-22

DEPENDENCIES
  azure-tts!
  bundler (~> 2.4.1)
  minitest (~> 5.0)
  minitest-around
  multi_json
  pry
  rake (~> 10.0)
  vcr
  webmock

BUNDLED WITH
   2.4.1
